GEM
  remote: https://rubygems.org/
  specs:
    daemons (1.1.9)
    dotenv (0.11.0)
      dotenv-deployment (= 0.0.1)
    dotenv-deployment (0.0.1)
    eventmachine (1.0.3)
    fakefs (0.5.2)
    foreman (0.63.0)
      dotenv (>= 0.7)
      thor (>= 0.13.6)
    metaclass (0.0.4)
    mocha (1.0.0)
      metaclass (~> 0.0.1)
    mono_logger (1.1.0)
    multi_json (1.9.2)
    rack (1.5.2)
    rack-protection (1.5.3)
      rack
    rack-test (0.6.2)
      rack (>= 1.0)
    rake (10.3.1)
    redis (3.0.7)
    redis-namespace (1.4.1)
      redis (~> 3.0.4)
    resque (1.25.2)
      mono_logger (~> 1.0)
      multi_json (~> 1.0)
      redis-namespace (~> 1.3)
      sinatra (>= 0.9.2)
      vegas (~> 0.1.2)
    sinatra (1.4.5)
      rack (~> 1.4)
      rack-protection (~> 1.4)
      tilt (~> 1.3, >= 1.3.4)
    thin (1.6.2)
      daemons (>= 1.0.9)
      eventmachine (>= 1.0.0)
      rack (>= 1.0.0)
    thor (0.19.1)
    tilt (1.4.1)
    vegas (0.1.11)
      rack (>= 1.0.0)

PLATFORMS
  ruby

DEPENDENCIES
  fakefs
  foreman
  mocha
  rack-test
  rake
  resque
  sinatra
  thin
